GEM
  remote: https://rubygems.org/
  specs:
    oauth (0.5.4)

PLATFORMS
  ruby

DEPENDENCIES
  oauth

BUNDLED WITH
   1.16.4
